GEM
  remote: https://rubygems.org/
  specs:
    logger (1.5.3)

PLATFORMS
  x86_64-linux

DEPENDENCIES
  logger

BUNDLED WITH
   2.4.18
